GEM
  remote: http://rubygems.org/
  specs:
    alchemist (0.1.3)
    builder (3.0.0)
    diff-lcs (1.1.3)
    git (1.2.5)
    jeweler (1.8.4)
      bundler (~> 1.0)
      git (>= 1.2.5)
      rake
      rdoc
    multi_json (1.3.6)
    net-scp (1.0.4)
      net-ssh (>= 1.99.1)
    net-ssh (2.5.2)
    nokogiri (1.5.5)
    rake (0.9.2.2)
    rbvmomi (1.5.1)
      builder
      nokogiri (>= 1.4.1)
      trollop
    rdoc (6.2.0)
    rspec (2.11.0)
      rspec-core (~> 2.11.0)
      rspec-expectations (~> 2.11.0)
      rspec-mocks (~> 2.11.0)
    rspec-core (2.11.1)
    rspec-expectations (2.11.2)
      diff-lcs (~> 1.1.3)
    rspec-mocks (2.11.2)
    simplecov (0.6.4)
      multi_json (~> 1.0)
      simplecov-html (~> 0.5.3)
    simplecov-html (0.5.3)
    trollop (1.16.2)

PLATFORMS
  ruby

DEPENDENCIES
  alchemist
  bundler (> 1.0.0)
  jeweler
  net-scp
  net-ssh
  rbvmomi
  rspec
  simplecov
